NUGET
  remote: https://nuget.org/api/v2
  specs:
    FAKE (3.30.2)
    FSharp.Compiler.Service (0.0.89)
    FSharp.Core (3.1.2.1)
    FSharp.Formatting (2.8.0)
      FSharp.Compiler.Service (>= 0.0.86)
      FSharpVSPowerTools.Core (>= 1.7.0)
    FSharpVSPowerTools.Core (1.7.0)
      FSharp.Compiler.Service (>= 0.0.81)
    MathNet.Numerics (3.6.0)
      TaskParallelLibrary (>= 1.0.2856) - framework: >= net35 < net40
    MathNet.Numerics.FSharp (3.6.0)
      FSharp.Core (>= 3.1.2.1)
      MathNet.Numerics (3.6.0)
    Microsoft.Bcl (1.1.10)
      Microsoft.Bcl.Build (>= 1.0.14)
    Microsoft.Bcl.Build (1.0.21)
    Microsoft.Net.Http (2.2.29)
      Microsoft.Bcl (>= 1.1.10)
      Microsoft.Bcl.Build (>= 1.0.14)
    NUnit (2.6.4)
    NUnit.Runners (2.6.4)
    Octokit (0.10.0)
      Microsoft.Net.Http
    OpenTK (1.1.1589.5942)
    SourceLink.Fake (0.5.0)
    TaskParallelLibrary (1.0.2856.0) - framework: >= net35 < net40
GITHUB
  remote: fsharp/FAKE
  specs:
    modules/Octokit/Octokit.fsx (aeca22431512eabfbe2f4b0f3dcfd2790f0aaf1d)
      Octokit