NUGET
  remote: https://www.nuget.org/api/v2
  specs:
    FAKE (4.21.4)
    FsCheck (2.2.4)
      FSharp.Core (>= 3.1.2.5)
    FsCheck.Nunit (2.2.4)
      FsCheck (>= 2.2.4)
      NUnit (>= 2.6.4 < 2.7.0)
      NUnit.Runners (>= 2.6.4 < 2.7.0)
    FSharp.Compiler.Service (2.0.0.6)
    FSharp.Core (4.0.0.1)
    FSharp.Formatting (2.14.0)
      FSharp.Compiler.Service (>= 2.0.0.3 < 2.1.0)
      FSharpVSPowerTools.Core (>= 2.3.0 < 2.4.0)
    FSharpLint (0.2.8)
    FSharpVSPowerTools.Core (2.3.0)
      FSharp.Compiler.Service (>= 2.0.0.3)
    MathNet.Numerics (3.11.0)
      TaskParallelLibrary (>= 1.0.2856) - framework: net35
    MathNet.Numerics.FSharp (3.11.0)
      FSharp.Core (>= 3.1.2.5)
      MathNet.Numerics (3.11.0)
    Microsoft.Bcl (1.1.10)
      Microsoft.Bcl.Build (>= 1.0.14)
    Microsoft.Bcl.Build (1.0.21) - import_targets: false
    Microsoft.Net.Http (2.2.29)
      Microsoft.Bcl (>= 1.1.10)
      Microsoft.Bcl.Build (>= 1.0.14)
    NUnit (2.6.4)
    NUnit.Runners (2.6.4)
    Octokit (0.18.0)
      Microsoft.Net.Http
    OpenTK (1.1.2225)
    SourceLink.Fake (1.1.0)
    TaskParallelLibrary (1.0.2856) - framework: net35
GITHUB
  remote: fsharp/FAKE
  specs:
    modules/Octokit/Octokit.fsx (e71048b08b7aefebb3adeaa4518915510d55785c)
      Octokit