NUGET
  remote: https://nuget.org/api/v2
  specs:
    FAKE (4.0.2)
    FsCheck (2.0.4)
      FSharp.Core (>= 3.1.2.1)
    FsCheck.Nunit (2.0.4)
      FsCheck (>= 2.0.4)
      NUnit (>= 2.6.4)
      NUnit.Runners (>= 2.6.4)
    FSharp.Compiler.Service (1.3.1.0)
    FSharp.Core (4.0.0.1)
    FSharp.Formatting (2.10.0)
      FSharp.Compiler.Service (>= 0.0.87)
      FSharpVSPowerTools.Core (1.8.0)
    FSharpLint (0.2.6)
    FSharpVSPowerTools.Core (1.8.0)
      FSharp.Compiler.Service (>= 0.0.87)
    MathNet.Numerics (3.7.0)
      TaskParallelLibrary (>= 1.0.2856) - framework: >= net35 < net40
    MathNet.Numerics.FSharp (3.7.0)
      FSharp.Core (>= 3.1.2.1)
      MathNet.Numerics (3.7.0)
    Microsoft.Bcl (1.1.10)
      Microsoft.Bcl.Build (>= 1.0.14)
    Microsoft.Bcl.Build (1.0.21)
    Microsoft.Net.Http (2.2.29)
      Microsoft.Bcl (>= 1.1.10)
      Microsoft.Bcl.Build (>= 1.0.14)
    NUnit (2.6.4)
    NUnit.Runners (2.6.4)
    Octokit (0.14.0)
      Microsoft.Net.Http
    OpenTK (1.1.1589.5942)
    SourceLink.Fake (1.0.0)
    TaskParallelLibrary (1.0.2856.0) - framework: >= net35 < net40
GITHUB
  remote: fsharp/FAKE
  specs:
    modules/Octokit/Octokit.fsx (69ef5a5ccc1ece211a241fa43781b53d49e58475)
      Octokit